GEM
  remote: https://rubygems.org/
  specs:
    ast (2.4.2)
    builder (3.2.2)
    cucumber (1.3.15)
      builder (>= 2.1.2)
      diff-lcs (>= 1.1.3)
      gherkin (~> 2.12)
      multi_json (>= 1.7.5, < 2.0)
      multi_test (>= 0.1.1)
    diff-lcs (1.2.5)
    gherkin (2.12.2)
      multi_json (~> 1.3)
    hashr (0.0.22)
    mini_portile2 (2.8.6)
    multi_json (1.10.1)
    multi_test (0.1.1)
    nokogiri (1.16.5)
      mini_portile2 (~> 2.8.2)
      racc (~> 1.4)
    parallel (1.23.0)
    parser (2.7.2.0)
      ast (~> 2.4.1)
    powerpack (0.1.3)
    racc (1.7.3)
    rainbow (2.2.2)
      rake
    rake (12.3.3)
    rdoc (6.3.4.1)
    rspec-expectations (3.0.0)
      diff-lcs (>= 1.2.0, < 2.0)
      rspec-support (~> 3.0.0)
    rspec-support (3.0.0)
    rubocop (0.49.0)
      parallel (~> 1.10)
      parser (>= 2.3.3.1, < 3.0)
      powerpack (~> 0.1)
      rainbow (>= 1.99.1, < 3.0)
      ruby-progressbar (~> 1.7)
      unicode-display_width (~> 1.0, >= 1.0.1)
    ruby-progressbar (1.13.0)
    safe_yaml (0.9.7)
    travis-lint (1.8.0)
      hashr (~> 0.0.22)
      safe_yaml (~> 0.9.0)
    unicode-display_width (1.8.0)

PLATFORMS
  ruby

DEPENDENCIES
  cucumber
  nokogiri
  rake
  rdoc
  rspec-expectations
  rubocop
  travis-lint
